GEM
  remote: https://rubygems.org/
  specs:
    concurrent-ruby (1.2.0)
    terminal-table (3.0.2)
      unicode-display_width (>= 1.1.1, < 3)
    unicode-display_width (2.4.2)

PLATFORMS
  x86_64-linux

DEPENDENCIES
  concurrent-ruby
  terminal-table

BUNDLED WITH
   2.3.5
